PATH
  remote: .
  specs:
    bumper_pusher (0.2.3)
      colorize (~> 0.7)
      github_changelog_generator (>= 1.2, < 5.0)

GEM
  remote: https://rubygems.org/
  specs:
    addressable (2.4.0)
    colorize (0.7.7)
    descendants_tracker (0.0.4)
      thread_safe (~> 0.3, >= 0.3.1)
    faraday (0.9.2)
      multipart-post (>= 1.2, < 3)
    github_api (0.13.1)
      addressable (~> 2.4.0)
      descendants_tracker (~> 0.0.4)
      faraday (~> 0.8, < 0.10)
      hashie (>= 3.4)
      multi_json (>= 1.7.5, < 2.0)
      oauth2
    github_changelog_generator (1.10.3)
      colorize (~> 0.7)
      github_api (~> 0.12)
    hashie (3.4.3)
    jwt (1.5.1)
    multi_json (1.11.2)
    multi_xml (0.5.5)
    multipart-post (2.0.0)
    oauth2 (1.1.0)
      faraday (>= 0.8, < 0.10)
      jwt (~> 1.0, < 1.5.2)
      multi_json (~> 1.3)
      multi_xml (~> 0.5)
      rack (>= 1.2, < 3)
    rack (1.6.4)
    rake (10.4.2)
    thread_safe (0.3.5)

PLATFORMS
  ruby

DEPENDENCIES
  bumper_pusher!
  bundler (~> 1.7)
  rake (~> 10.0)

BUNDLED WITH
   1.11.2
